{
    "Manufacturer": "Philips",
    "PatientPosition": "HFS",
    "SeriesDescription": "ImageMRSERIES",
    "ProtocolName": "acq-AxialNsig1Mm1_T1w",
    "SeriesNumber": 2,
    "AcquisitionNumber": 2,
    "ImageComments": "RepliSC",
    "PhilipsRescaleSlope": 4.47204,
    "PhilipsRescaleIntercept": 0,
    "PhilipsScaleSlope": 0.00517156,
    "UsePhilipsFloatNotDisplayScaling": 1,
    "EchoTime": 0.00389,
    "RepetitionTime": 0.008417,
    "InversionTime": 0.9,
    "ReconMatrixPE": 240,
    "ImageOrientationPatientDICOM": [
        0.998936,
        -0.0443171,
        -0.012744,
        0.0385499,
        0.954228,
        -0.296587
    ],
    "ConversionSoftware": "dcm2niix",
    "ConversionSoftwareVersion": "v1.0.20190902",
    "BidsifyVersion": "0.3.7",
    "MagneticFieldStrength": 3,
    "BIDSVersion": "1.1.0",
    "InstitutionName": "Spinoza Centre for Neuroimaging, location RE"
}