{
    "Manufacturer": "Philips",
    "PatientPosition": "HFS",
    "SeriesDescription": "ImageMRSERIES",
    "ProtocolName": "acq-AxialNsig1Mm1_T1w",
    "SeriesNumber": 2,
    "AcquisitionNumber": 2,
    "ImageComments": "RepliSC",
    "PhilipsRescaleSlope": 4.26569,
    "PhilipsRescaleIntercept": 0,
    "PhilipsScaleSlope": 0.00488551,
    "UsePhilipsFloatNotDisplayScaling": 1,
    "EchoTime": 0.00388,
    "RepetitionTime": 0.008387,
    "InversionTime": 0.9,
    "ReconMatrixPE": 240,
    "ImageOrientationPatientDICOM": [
        0.998456,
        -0.0550682,
        -0.00731476,
        0.0514532,
        0.966375,
        -0.251935
    ],
    "ConversionSoftware": "dcm2niix",
    "ConversionSoftwareVersion": "v1.0.20180622 GCC5.4.0",
    "BidsifyVersion": "0.3",
    "MagneticFieldStrength": 3,
    "ParallelAcquisitionTechnique": "SENSE",
    "BIDSVersion": "1.1.0",
    "InstitutionName": "Spinoza Centre for Neuroimaging, location REC"
}