{
    "Manufacturer": "Philips",
    "PatientPosition": "HFS",
    "SeriesDescription": "ImageMRSERIES",
    "ProtocolName": "acq-Mm2_phasediff",
    "SeriesNumber": 5,
    "AcquisitionNumber": 5,
    "ImageComments": "RepliSC",
    "PhilipsRescaleSlope": 0.04884,
    "PhilipsRescaleIntercept": -100,
    "PhilipsScaleSlope": 20.475,
    "UsePhilipsFloatNotDisplayScaling": 1,
    "EchoTime": 0.00304,
    "RepetitionTime": 0.01089,
    "InversionTime": 0.9,
    "ReconMatrixPE": 128,
    "ImageOrientationPatientDICOM": [
        0.998936,
        -0.0443171,
        -0.012744,
        0.0385499,
        0.954228,
        -0.296587
    ],
    "ConversionSoftware": "dcm2niix",
    "ConversionSoftwareVersion": "v1.0.20190902",
    "BidsifyVersion": "0.3.7",
    "MagneticFieldStrength": 3,
    "BIDSVersion": "1.1.0",
    "InstitutionName": "Spinoza Centre for Neuroimaging, location RE",
    "IntendedFor": [
        "func/sub-064_task-Tasteratingtask_acq-SeqMm3Tr2000_bold.nii.gz",
        "func/sub-064_task-RestingState_acq-SeqMm3Tr2000_bold.nii.gz",
        "func/sub-064_task-Decisiontask_acq-SeqMm3Tr2000_bold.nii.gz",
        "func/sub-064_task-Healthratingtask_acq-SeqMm3Tr2000_bold.nii.gz"
    ],
    "EchoTime1": 0.003,
    "EchoTime2": 0.008,
    "FlipAngle": 8,
    "ParallelAcquisitionTechnique": "SENSE",
    "ParallelReductionFactorInPlane": 2.5,
    "WaterFatShift": 1.134
}