{
    "Manufacturer": "Philips",
    "PatientPosition": "HFS",
    "SeriesDescription": "ImageMRSERIES",
    "ProtocolName": "acq-AxialNsig1Mm1_T1w",
    "SeriesNumber": 2,
    "AcquisitionNumber": 2,
    "ImageComments": "RepliSC",
    "PhilipsRescaleSlope": 3.90427,
    "PhilipsRescaleIntercept": 0,
    "PhilipsScaleSlope": 0.0052423,
    "UsePhilipsFloatNotDisplayScaling": 1,
    "EchoTime": 0.00378,
    "RepetitionTime": 0.00822,
    "InversionTime": 0.9,
    "ReconMatrixPE": 240,
    "ImageOrientationPatientDICOM": [
        0.998582,
        0.0529177,
        0.00579586,
        -0.0521587,
        0.994366,
        -0.0922771
    ],
    "ConversionSoftware": "dcm2niix",
    "ConversionSoftwareVersion": "v1.0.20180622 GCC5.4.0",
    "BidsifyVersion": "0.3",
    "MagneticFieldStrength": 3,
    "ParallelAcquisitionTechnique": "SENSE",
    "BIDSVersion": "1.1.0",
    "InstitutionName": "Spinoza Centre for Neuroimaging, location REC"
}