{
    "Manufacturer": "Philips",
    "PatientPosition": "HFS",
    "SeriesDescription": "ImageMRSERIES",
    "ProtocolName": "acq-AxialNsig1Mm1_T1w",
    "SeriesNumber": 2,
    "AcquisitionNumber": 2,
    "ImageComments": "RepliSC",
    "PhilipsRescaleSlope": 4.42002,
    "PhilipsRescaleIntercept": 0,
    "PhilipsScaleSlope": 0.00487222,
    "UsePhilipsFloatNotDisplayScaling": 1,
    "EchoTime": 0.00388,
    "RepetitionTime": 0.008413,
    "InversionTime": 0.9,
    "ReconMatrixPE": 240,
    "ImageOrientationPatientDICOM": [
        0.998646,
        0.0363959,
        -0.0371616,
        -0.0453483,
        0.959142,
        -0.279268
    ],
    "ConversionSoftware": "dcm2niix",
    "ConversionSoftwareVersion": "v1.0.20180622 GCC5.4.0",
    "BidsifyVersion": "0.3",
    "MagneticFieldStrength": 3,
    "ParallelAcquisitionTechnique": "SENSE",
    "BIDSVersion": "1.1.0",
    "InstitutionName": "Spinoza Centre for Neuroimaging, location REC"
}