{
    "Manufacturer": "Philips",
    "PatientPosition": "HFS",
    "SeriesDescription": "ImageMRSERIES",
    "ProtocolName": "acq-Mm2_phasediff",
    "SeriesNumber": 5,
    "AcquisitionNumber": 5,
    "ImageComments": "RepliSC",
    "PhilipsRescaleSlope": 0.04884,
    "PhilipsRescaleIntercept": -100,
    "PhilipsScaleSlope": 20.475,
    "UsePhilipsFloatNotDisplayScaling": 1,
    "EchoTime": 0.00301,
    "RepetitionTime": 0.010762,
    "InversionTime": 0.9,
    "ReconMatrixPE": 128,
    "ImageOrientationPatientDICOM": [
        0.99881,
        0.0441155,
        -0.0207751,
        -0.0434343,
        0.998538,
        0.0321693
    ],
    "ConversionSoftware": "dcm2niix",
    "ConversionSoftwareVersion": "v1.0.20180622 GCC5.4.0",
    "BidsifyVersion": "0.3",
    "MagneticFieldStrength": 3,
    "ParallelAcquisitionTechnique": "SENSE",
    "BIDSVersion": "1.1.0",
    "InstitutionName": "Spinoza Centre for Neuroimaging, location REC",
    "IntendedFor": [
        "func/sub-022_task-Tasteratingtask_acq-SeqMm3Tr2000_bold.nii.gz",
        "func/sub-022_task-Healthratingtask_acq-SeqMm3Tr2000_bold.nii.gz",
        "func/sub-022_task-Decisiontask_acq-SeqMm3Tr2000_bold.nii.gz",
        "func/sub-022_task-RestingState_acq-SeqMm3Tr2000_bold.nii.gz"
    ],
    "EchoTime1": 0.003,
    "EchoTime2": 0.008,
    "FlipAngle": 8,
    "ParallelReductionFactorInPlane": 2.5,
    "WaterFatShift": 1.134
}