{
    "Manufacturer": "Philips",
    "PatientPosition": "HFS",
    "SeriesDescription": "ImageMRSERIES",
    "ProtocolName": "acq-AxialNsig1Mm1_T1w",
    "SeriesNumber": 2,
    "AcquisitionNumber": 2,
    "ImageComments": "RepliSC",
    "PhilipsRescaleSlope": 4.75092,
    "PhilipsRescaleIntercept": 0,
    "PhilipsScaleSlope": 0.00541553,
    "UsePhilipsFloatNotDisplayScaling": 1,
    "EchoTime": 0.0039,
    "RepetitionTime": 0.008411,
    "InversionTime": 0.9,
    "ReconMatrixPE": 240,
    "ImageOrientationPatientDICOM": [
        0.994075,
        -0.105869,
        0.0246197,
        0.108693,
        0.968602,
        -0.2236
    ],
    "ConversionSoftware": "dcm2niix",
    "ConversionSoftwareVersion": "v1.0.20190902",
    "BidsifyVersion": "0.3.7",
    "MagneticFieldStrength": 3,
    "BIDSVersion": "1.1.0",
    "InstitutionName": "Spinoza Centre for Neuroimaging, location RE"
}