{
    "Manufacturer": "Philips",
    "PatientPosition": "HFS",
    "SeriesDescription": "ImageMRSERIES",
    "ProtocolName": "acq-AxialNsig1Mm1_T1w",
    "SeriesNumber": 2,
    "AcquisitionNumber": 2,
    "ImageComments": "RepliSC",
    "PhilipsRescaleSlope": 3.01587,
    "PhilipsRescaleIntercept": 0,
    "PhilipsScaleSlope": 0.00551035,
    "UsePhilipsFloatNotDisplayScaling": 1,
    "EchoTime": 0.00378,
    "RepetitionTime": 0.008239,
    "InversionTime": 0.9,
    "ReconMatrixPE": 240,
    "ImageOrientationPatientDICOM": [
        0.999699,
        -0.00901654,
        0.0228094,
        0.0118652,
        0.991701,
        -0.128015
    ],
    "ConversionSoftware": "dcm2niix",
    "ConversionSoftwareVersion": "v1.0.20180622 GCC5.4.0",
    "BidsifyVersion": "0.3",
    "MagneticFieldStrength": 3,
    "ParallelAcquisitionTechnique": "SENSE",
    "BIDSVersion": "1.1.0",
    "InstitutionName": "Spinoza Centre for Neuroimaging, location REC"
}