{
    "Manufacturer": "Philips",
    "PatientPosition": "HFS",
    "SeriesDescription": "ImageMRSERIES",
    "ProtocolName": "task-RestingState_acq-SeqMm3Tr2000_bold",
    "SeriesNumber": 7,
    "AcquisitionNumber": 7,
    "ImageComments": "RepliSC",
    "PhilipsRescaleSlope": 0.75458,
    "PhilipsRescaleIntercept": 0,
    "PhilipsScaleSlope": 0.0236364,
    "UsePhilipsFloatNotDisplayScaling": 1,
    "EchoTime": 0.028,
    "RepetitionTime": 2,
    "ReconMatrixPE": 80,
    "ImageOrientationPatientDICOM": [
        0.999781,
        -0.0072654,
        0.0196446,
        0.00837594,
        0.998336,
        -0.057053
    ],
    "ConversionSoftware": "dcm2niix",
    "ConversionSoftwareVersion": "v1.0.20180622 GCC5.4.0",
    "BidsifyVersion": "0.3",
    "MagneticFieldStrength": 3,
    "ParallelAcquisitionTechnique": "SENSE",
    "BIDSVersion": "1.1.0",
    "InstitutionName": "Spinoza Centre for Neuroimaging, location REC",
    "PulseSequenceType": "Gradient Echo EPI",
    "PhaseEncodingDirection": "j",
    "SliceEncodingDirection": "k",
    "ParallelReductionFactorInPlane": 2,
    "WaterFatShift": 12.0,
    "FlipAngle": 76.1,
    "TotalReadoutTime": 0.0269452,
    "EffectiveEchoSpacing": 0.0006909,
    "TaskName": "RestingState",
    "SliceTiming": [
        0.0,
        0.05555555555555555,
        0.1111111111111111,
        0.16666666666666666,
        0.2222222222222222,
        0.2777777777777778,
        0.3333333333333333,
        0.38888888888888884,
        0.4444444444444444,
        0.5,
        0.5555555555555556,
        0.611111111111111,
        0.6666666666666666,
        0.7222222222222222,
        0.7777777777777777,
        0.8333333333333333,
        0.8888888888888888,
        0.9444444444444444,
        1.0,
        1.0555555555555556,
        1.1111111111111112,
        1.1666666666666665,
        1.222222222222222,
        1.2777777777777777,
        1.3333333333333333,
        1.3888888888888888,
        1.4444444444444444,
        1.5,
        1.5555555555555554,
        1.611111111111111,
        1.6666666666666665,
        1.722222222222222,
        1.7777777777777777,
        1.8333333333333333,
        1.8888888888888888,
        1.9444444444444444
    ]
}