{
    "Manufacturer": "Philips",
    "PatientPosition": "HFS",
    "SeriesDescription": "ImageMRSERIES",
    "ProtocolName": "acq-AxialNsig1Mm1_T1w",
    "SeriesNumber": 2,
    "AcquisitionNumber": 2,
    "ImageComments": "RepliSC",
    "PhilipsRescaleSlope": 4.0569,
    "PhilipsRescaleIntercept": 0,
    "PhilipsScaleSlope": 0.00495334,
    "UsePhilipsFloatNotDisplayScaling": 1,
    "EchoTime": 0.00385,
    "RepetitionTime": 0.008332,
    "InversionTime": 0.9,
    "ReconMatrixPE": 240,
    "ImageOrientationPatientDICOM": [
        0.997408,
        -0.0713928,
        0.00899403,
        0.071845,
        0.981072,
        -0.179823
    ],
    "ConversionSoftware": "dcm2niix",
    "ConversionSoftwareVersion": "v1.0.20180622 GCC5.4.0",
    "BidsifyVersion": "0.3",
    "MagneticFieldStrength": 3,
    "ParallelAcquisitionTechnique": "SENSE",
    "BIDSVersion": "1.1.0",
    "InstitutionName": "Spinoza Centre for Neuroimaging, location REC"
}